GEM
  remote: https://rubygems.org/
  specs:
    minitest (5.14.0)
    parslet (2.0.0)

PLATFORMS
  ruby

DEPENDENCIES
  minitest
  parslet

BUNDLED WITH
   2.1.4
